GEM
  remote: http://rubygems.org/
  specs:
    abstract (1.0.0)
    actionmailer (3.0.3)
      actionpack (= 3.0.3)
      mail (~> 2.2.9)
    actionpack (3.0.3)
      activemodel (= 3.0.3)
      activesupport (= 3.0.3)
      builder (~> 2.1.2)
      erubis (~> 2.6.6)
      i18n (~> 0.4)
      rack (~> 1.2.1)
      rack-mount (~> 0.6.13)
      rack-test (~> 0.5.6)
      tzinfo (~> 0.3.23)
    activemodel (3.0.3)
      activesupport (= 3.0.3)
      builder (~> 2.1.2)
      i18n (~> 0.4)
    activerecord (3.0.3)
      activemodel (= 3.0.3)
      activesupport (= 3.0.3)
      arel (~> 2.0.2)
      tzinfo (~> 0.3.23)
    activeresource (3.0.3)
      activemodel (= 3.0.3)
      activesupport (= 3.0.3)
    activesupport (3.0.3)
    arel (2.0.6)
    bcrypt-ruby (2.1.2)
    builder (2.1.2)
    cancan (1.4.1)
    cancan-permits (0.3.6)
      activesupport (>= 3.0.1)
      cancan (~> 1.4.1)
      logging_assist (>= 0.1.6)
      rails3_artifactor (~> 0.3.1)
      require_all (~> 1.2.0)
      sugar-high (~> 0.3.0)
    cancan-rest-links (0.2.0)
      cancan (~> 1.4.0)
      generator-spec (>= 0.7.0)
      r3_plugin_toolbox (>= 0.4.0)
      require_all (~> 1.2.0)
      sugar-high (~> 0.3.0)
    code-spec (0.2.9)
      activesupport (>= 3.0)
      require_all (~> 1.2.0)
      sugar-high (~> 0.3.0)
    cream (0.7.7)
      cancan (>= 1.4.0)
      cancan (>= 1.4.0)
      cancan-permits (>= 0.3.2)
      cancan-permits (>= 0.3.4)
      cancan-rest-links (>= 0.2.0)
      cancan-rest-links (>= 0.2.0)
      devise (>= 1.1.5)
      devise (>= 1.1.5)
      devise-links (~> 0.2.0)
      devise-links (>= 0.2.0)
      logging_assist (~> 0.1.6)
      logging_assist (~> 0.1.6)
      r3_plugin_toolbox (>= 0.4.0)
      r3_plugin_toolbox (>= 0.4.0)
      rails (>= 3.0.1)
      rails (>= 3.0.1)
      rails3_artifactor (~> 0.3.0)
      rails3_artifactor (~> 0.3.1)
      require_all (~> 1.2.0)
      require_all (~> 1.2.0)
      sugar-high (~> 0.3.0)
      sugar-high (~> 0.3.0)
    devise (1.1.5)
      bcrypt-ruby (~> 2.1.2)
      warden (~> 1.0.2)
    devise-links (0.2.1)
      activesupport (>= 3.0.0)
      devise (>= 1.1.5)
      logging_assist (~> 0.1.6)
      r3_plugin_toolbox (>= 0.4.0)
      rails3_artifactor (>= 0.3.1)
      require_all (~> 1.2.0)
      sugar-high (~> 0.3.0)
    diff-lcs (1.1.2)
    erubis (2.6.6)
      abstract (>= 1.0.0)
    file-spec (0.1.4)
      activesupport (>= 3.0.1)
      require_all (~> 1.2.0)
      rspec (>= 2.0.1)
    generator-spec (0.7.0)
      rails (>= 3.0.1)
      rails-app-spec (>= 0.3.0)
      rails3_artifactor (>= 0.3.0)
      rake (>= 0.8.7)
      require_all (~> 1.2.0)
      rspec (>= 2.0.1)
      sugar-high (~> 0.3.0)
      test-unit (>= 2.0.1)
    i18n (0.5.0)
    log4r (1.1.9)
    logging_assist (0.1.6)
      log4r (~> 1.1.8)
      require_all (~> 1.2.0)
      sugar-high (~> 0.3.0)
    mail (2.2.11)
      activesupport (>= 2.3.6)
      i18n (~> 0.5.0)
      mime-types (~> 1.16)
      treetop (~> 1.4.8)
    meta_where (0.9.9.2)
      activerecord (~> 3.0.2)
      activesupport (~> 3.0.2)
      arel (~> 2.0.2)
    migration_assist (0.1.7)
      rails (>= 3.0)
      require_all (~> 1.2.0)
    mime-types (1.16)
    mocha (0.9.10)
      rake
    polyglot (0.3.1)
    r3_plugin_toolbox (0.4.0)
      rails (~> 3.0)
      require_all (~> 1.2.0)
      sugar-high (~> 0.3.0)
    rack (1.2.1)
    rack-mount (0.6.13)
      rack (>= 1.0.0)
    rack-test (0.5.6)
      rack (>= 1.0)
    rails (3.0.3)
      actionmailer (= 3.0.3)
      actionpack (= 3.0.3)
      activerecord (= 3.0.3)
      activeresource (= 3.0.3)
      activesupport (= 3.0.3)
      bundler (~> 1.0)
      railties (= 3.0.3)
    rails-app-spec (0.3.2)
      activesupport (>= 3.0.1)
      code-spec (>= 0.2.9)
      file-spec (>= 0.1.4)
      rails3_artifactor (>= 0.3.1)
      rails3_assist (>= 0.3.0)
      require_all (~> 1.2.0)
      rspec (>= 2.0.1)
      sugar-high (>= 0.3.0)
    rails3_artifactor (0.3.1)
      migration_assist (~> 0.1.4)
      rails3_assist (~> 0.3.0)
      require_all (~> 1.2.0)
      rspec (>= 2.0.0)
      sugar-high (~> 0.3.0)
    rails3_assist (0.3.1)
      activesupport (>= 3.0)
      migration_assist (~> 0.1.7)
      require_all (~> 1.2.0)
      sugar-high (~> 0.3.0)
      thor (>= 0.14.0)
    railties (3.0.3)
      actionpack (= 3.0.3)
      activesupport (= 3.0.3)
      rake (>= 0.8.7)
      thor (~> 0.14.4)
    rake (0.8.7)
    require_all (1.2.0)
    roles_active_record (0.3.2)
      activerecord (>= 3.0.1)
      activerecord (~> 3.0.1)
      activesupport (>= 3.0.1)
      activesupport (~> 3.0.1)
      arel (>= 2.0)
      arel (>= 2.0)
      logging_assist (>= 0.1.6)
      logging_assist (>= 0.1.6)
      meta_where (>= 0.9.9)
      meta_where (>= 0.9.9)
      rails3_artifactor (>= 0.3.1)
      rails3_artifactor (>= 0.3.1)
      require_all (~> 1.2.0)
      require_all (~> 1.2.0)
      roles_generic (~> 0.3.2)
      roles_generic (>= 0.3.2)
      sugar-high (~> 0.3.0)
      sugar-high (~> 0.3.0)
    roles_generic (0.3.3)
      activesupport (>= 3.0)
      logging_assist (>= 0.1.6)
      rails3_artifactor (~> 0.3.1)
      require_all (~> 1.2.0)
      sugar-high (~> 0.3.0)
    rspec (2.2.0)
      rspec-core (~> 2.2)
      rspec-expectations (~> 2.2)
      rspec-mocks (~> 2.2)
    rspec-core (2.2.1)
    rspec-expectations (2.2.0)
      diff-lcs (~> 1.1.2)
    rspec-mocks (2.2.0)
    sqlite3-ruby (1.3.2)
    sugar-high (0.3.0)
      mocha (~> 0.9.8)
      require_all (~> 1.2.0)
    test-unit (2.1.2)
    thor (0.14.6)
    treetop (1.4.9)
      polyglot (>= 0.3.1)
    tzinfo (0.3.23)
    warden (1.0.2)
      rack (>= 1.0.0)

PLATFORMS
  ruby

DEPENDENCIES
  cream
  devise
  rails (= 3.0.3)
  roles_active_record
  sqlite3-ruby
